GEM
  remote: https://rubygems.org/
  specs:
    csv (3.1.9)
    curb (0.9.11)
    mini_portile2 (2.4.0)
    nokogiri (1.10.10-x64-mingw32)
      mini_portile2 (~> 2.4.0)

PLATFORMS
  x64-mingw32

DEPENDENCIES
  csv
  curb
  nokogiri

BUNDLED WITH
   2.1.4
